GEM
  remote: https://rubygems.org/
  specs:
    CFPropertyList (3.0.0)
    atomos (0.1.2)
    claide (1.0.2)
    colored2 (3.1.2)
    colorize (0.8.1)
    nanaimo (0.2.5)
    xcodeproj (1.5.8)
      CFPropertyList (>= 2.3.3, < 4.0)
      atomos (~> 0.1.2)
      claide (>= 1.0.2, < 2.0)
      colored2 (~> 3.1)
      nanaimo (~> 0.2.5)

PLATFORMS
  ruby

DEPENDENCIES
  colorize!
  xcodeproj!

BUNDLED WITH
   2.0.2
